GEM
  remote: https://rubygems.org/
  specs:
    addressable (2.3.8)
    args_parser (0.2.0)
    buftok (0.2.0)
    equalizer (0.0.11)
    faraday (0.9.1)
      multipart-post (>= 1.2, < 3)
    hashie (1.2.0)
    http (0.6.4)
      http_parser.rb (~> 0.6.0)
    http_parser.rb (0.6.0)
    httparty (0.13.5)
      json (~> 1.8)
      multi_xml (>= 0.5.2)
    json (1.8.3)
    launchy (2.4.3)
      addressable (~> 2.3)
    memoizable (0.4.2)
      thread_safe (~> 0.3, >= 0.3.1)
    mini_portile (0.6.2)
    multi_xml (0.5.5)
    multipart-post (2.0.0)
    naught (1.0.0)
    nokogiri (1.6.6.2)
      mini_portile (~> 0.6.0)
    oauth (0.4.7)
    parallel (1.6.0)
    rainbow (2.0.0)
    rake (10.4.2)
    rspec (1.3.2)
    simple_oauth (0.3.1)
    thread_safe (0.3.5)
    tw (1.0.9)
      args_parser (>= 0.2.0)
      json (>= 1.7.0)
      launchy (>= 2.4.2)
      parallel (>= 0.9.1)
      rainbow (>= 2.0.0)
      twitter (>= 5.6.0)
      userstream (>= 1.2.0)
    twitter (5.14.0)
      addressable (~> 2.3)
      buftok (~> 0.2.0)
      equalizer (~> 0.0.9)
      faraday (~> 0.9.0)
      http (~> 0.6.0)
      http_parser.rb (~> 0.6.0)
      json (~> 1.8)
      memoizable (~> 0.4.0)
      naught (~> 1.0)
      simple_oauth (~> 0.3.0)
    userstream (1.4.0)
      hashie (~> 1.2.0)
      oauth (~> 0.4.7)
      yajl-ruby (~> 1.1.0)
    yajl-ruby (1.1.0)

PLATFORMS
  ruby

DEPENDENCIES
  httparty
  json
  nokogiri
  rake
  rspec (< 2.0)
  tw
