GEM
  specs:
    faraday (0.8.1)
      multipart-post (~> 1.1)
    json (1.7.5)
    multi_json (1.3.6)
    multipart-post (1.1.5)
    nokogiri (1.5.5)
    oauth (0.4.6)
    simple_oauth (0.1.8)
    twitter (3.1.1)
      faraday (~> 0.8)
      multi_json (~> 1.3)
      simple_oauth (~> 0.1.6)

PLATFORMS
  ruby

DEPENDENCIES
  json
  nokogiri
  oauth
  twitter (>= 1.4.0)
