GEM
  remote: https://rubygems.org/
  specs:
    addressable (2.3.5)
    args_parser (0.2.0)
    atomic (1.1.14)
    buftok (0.2.0)
    descendants_tracker (0.0.3)
    equalizer (0.0.9)
    faraday (0.9.0)
      multipart-post (>= 1.2, < 3)
    hashie (1.2.0)
    http (0.5.0)
      http_parser.rb
    http_parser.rb (0.6.0)
    json (1.8.1)
    launchy (2.4.2)
      addressable (~> 2.3)
    memoizable (0.4.0)
      thread_safe (~> 0.1.3)
    mini_portile (0.5.2)
    multipart-post (2.0.0)
    naught (1.0.0)
    nokogiri (1.6.1)
      mini_portile (~> 0.5.0)
    oauth (0.4.7)
    parallel (0.9.2)
    rainbow (2.0.0)
    rake (10.1.1)
    rspec (1.3.2)
    simple_oauth (0.2.0)
    thread_safe (0.1.3)
      atomic
    tw (1.0.8)
      args_parser (>= 0.2.0)
      json (>= 1.7.0)
      launchy (>= 2.4.2)
      parallel (>= 0.9.1)
      rainbow (>= 2.0.0)
      twitter (>= 5.6.0)
      userstream (>= 1.2.0)
    twitter (5.6.0)
      addressable (~> 2.3)
      buftok (~> 0.2.0)
      descendants_tracker (~> 0.0.3)
      equalizer (~> 0.0.9)
      faraday (~> 0.9.0)
      http (~> 0.5.0)
      http_parser.rb (~> 0.6.0)
      json (~> 1.8)
      memoizable (~> 0.4.0)
      naught (~> 1.0)
      simple_oauth (~> 0.2.0)
    userstream (1.4.0)
      hashie (~> 1.2.0)
      oauth (~> 0.4.7)
      yajl-ruby (~> 1.1.0)
    yajl-ruby (1.1.0)

PLATFORMS
  ruby

DEPENDENCIES
  json
  nokogiri
  oauth
  rake
  rspec (< 2.0)
  tw
  twitter
